PATH
  remote: .
  specs:
    brcobranca (3.0.0)
      activemodel (>= 3.0.0)
      parseline (>= 1.0.3)
      rghost (>= 0.8.7)
      rghost_barcode (>= 0.8)

GEM
  remote: http://rubygems.org/
  specs:
    activemodel (3.0.6)
      activesupport (= 3.0.6)
      builder (~> 2.1.2)
      i18n (~> 0.5.0)
    activesupport (3.0.6)
    builder (2.1.2)
    columnize (0.3.2)
    diff-lcs (1.1.2)
    i18n (0.5.0)
    linecache (0.43)
    parseline (1.0.3)
    rake (0.8.7)
    rghost (0.8.7.5)
    rghost_barcode (0.9)
    rspec (2.5.0)
      rspec-core (~> 2.5.0)
      rspec-expectations (~> 2.5.0)
      rspec-mocks (~> 2.5.0)
    rspec-core (2.5.1)
    rspec-expectations (2.5.0)
      diff-lcs (~> 1.1.2)
    rspec-mocks (2.5.0)
    ruby-debug (0.10.4)
      columnize (>= 0.1)
      ruby-debug-base (~> 0.10.4.0)
    ruby-debug-base (0.10.4)
      linecache (>= 0.3)

PLATFORMS
  ruby
  x86-mingw32

DEPENDENCIES
  brcobranca!
  rake
  rspec
  ruby-debug
